GEM
  remote: https://rubygems.org/
  specs:
    faraday (0.17.3)
      multipart-post (>= 1.2, < 3)
    faraday_middleware (0.14.0)
      faraday (>= 0.7.4, < 1.0)
    multipart-post (2.1.1)
    twitch-api (0.4.0)
      faraday (>= 0.12.2)
      faraday_middleware (~> 0.12)

PLATFORMS
  ruby

DEPENDENCIES
  twitch-api

BUNDLED WITH
   2.1.4
